GEM
  remote: https://rubygems.org/
  specs:
    multi_json (1.15.0)
    power_assert (2.0.1)
    rake (13.0.6)
    streamio-ffmpeg (3.0.2)
      multi_json (~> 1.8)
    test-unit (3.4.7)
      power_assert

PLATFORMS
  ruby

DEPENDENCIES
  rake
  streamio-ffmpeg
  test-unit

BUNDLED WITH
   2.2.10
